GEM
  remote: https://rubygems.org/
  specs:
    blankslate (3.1.2)
    daemons (1.1.9)
    eventmachine (1.0.0)
    ffi (1.3.1)
    haml (3.1.7)
    pg (0.14.1)
    rack (1.4.4)
    rack-protection (1.3.2)
      rack
    rubyzip (0.9.9)
    rupy (0.4.2)
      blankslate (>= 2.1.2.3)
      ffi (>= 0.6.3)
    sinatra (1.3.3)
      rack (~> 1.3, >= 1.3.6)
      rack-protection (~> 1.2)
      tilt (~> 1.3, >= 1.3.3)
    thin (1.5.0)
      daemons (>= 1.0.9)
      eventmachine (>= 0.12.6)
      rack (>= 1.0.0)
    tilt (1.3.3)

PLATFORMS
  ruby

DEPENDENCIES
  haml
  pg
  rubyzip
  rupy
  sinatra
  thin
